GEM
  remote: https://rubygems.org/
  specs:
    activesupport (5.2.0)
      concurrent-ruby (~> 1.0, >= 1.0.2)
      i18n (>= 0.7, < 2)
      minitest (~> 5.1)
      tzinfo (~> 1.1)
    aws-sdk (2.11.93)
      aws-sdk-resources (= 2.11.93)
    aws-sdk-core (2.11.93)
      aws-sigv4 (~> 1.0)
      jmespath (~> 1.0)
    aws-sdk-resources (2.11.93)
      aws-sdk-core (= 2.11.93)
    aws-sigv4 (1.0.3)
    concurrent-ruby (1.0.5)
    hashie (3.5.7)
    i18n (1.0.1)
      concurrent-ruby (~> 1.0)
    jmespath (1.4.0)
    json (2.1.0)
    minitest (5.11.3)
    momo (0.4.1)
      activesupport
      aws-sdk-core
      json
      trollop
    mustermann (1.0.2)
    rack (2.0.5)
    rack-protection (2.0.3)
      rack
    redcarpet (3.4.0)
    rubyzip (1.2.1)
    s3cabinet (0.1.0)
      aws-sdk-core
      json
    sinatra (2.0.3)
      mustermann (~> 1.0)
      rack (~> 2.0)
      rack-protection (= 2.0.3)
      tilt (~> 2.0)
    sumomo (0.8.2)
      activesupport
      aws-sdk (~> 2)
      hashie
      momo (= 0.4.1)
      rubyzip
      s3cabinet
      trollop
    thread_safe (0.3.6)
    tilt (2.0.8)
    trollop (2.1.3)
    tzinfo (1.2.5)
      thread_safe (~> 0.1)
    weaver (0.6.6)
      activesupport
      sinatra (~> 2.0.3)
      trollop

PLATFORMS
  ruby

DEPENDENCIES
  redcarpet
  sumomo (~> 0.8.2)
  weaver (~> 0.6.6)

BUNDLED WITH
   1.16.0
