GEM
  remote: https://rubygems.org/
  specs:
    activesupport (5.2.0)
      concurrent-ruby (~> 1.0, >= 1.0.2)
      i18n (>= 0.7, < 2)
      minitest (~> 5.1)
      tzinfo (~> 1.1)
    concurrent-ruby (1.0.5)
    i18n (1.0.1)
      concurrent-ruby (~> 1.0)
    minitest (5.11.3)
    mustermann (1.0.2)
    rack (2.0.5)
    rack-protection (2.0.3)
      rack
    redcarpet (3.4.0)
    sinatra (2.0.3)
      mustermann (~> 1.0)
      rack (~> 2.0)
      rack-protection (= 2.0.3)
      tilt (~> 2.0)
    thread_safe (0.3.6)
    tilt (2.0.8)
    trollop (2.1.3)
    tzinfo (1.2.5)
      thread_safe (~> 0.1)
    weaver (0.6.5)
      activesupport
      sinatra (~> 2.0.3)
      trollop

PLATFORMS
  ruby

DEPENDENCIES
  redcarpet
  weaver (~> 0.6.5)

BUNDLED WITH
   1.16.0
